{"Manufacturer":"Siemens",
"ManufacturersModelName":"TrioTim",
"SoftwareVersions":"N4_VB17A_LATEST_20090307",
"MagneticFieldStrength":3,
"ReceiveCoilName":"32Ch_Head",
"ReceiveCoilActiveElements":"C:HEA;HEP",
"MRAcquisitionType":"3D",
"PulseSequenceType":"3Dgrase",
"PulseSequenceDetails":"Bremen sequence: fme_ASL_Collection_002A for TrioTim-syngo_MR_B17",
"NumberShots":2,
"ScanningSequence":"RM",
"SequenceVariant":"SK",
"ScanOptions":"SAT1_FS",
"SequenceName":"grs3d3d1_512t0",
"PartialFourier":1,
"PhaseEncodingDirection":"j-",
"EffectiveEchoSpacing":0.0005,
"EchoTime":0.01192,
"DwellTime":3.4e-06,
"FlipAngle":180,
"RepetitionTimePreparation":3.5,
"ArterialSpinLabelingType":"PASLdfed",
"PostLabelingDelay":[0.3,0.3,0.6,0.6,0.9,0.9,1.2,1.2,1.5,1.5,1.8,1.8,2.1,2.1,2.4,2.4,2.7,2.7,3,3],
"BackgroundSuppression":true,
"M0Type":"Separate",
"TotalAcquiredPairs":10,
"VascularCrushing":false,
"AcquisitionVoxelSize":[8,4,6],
"BackgroundSuppressionNumberPulses":2,
"BackgroundSuppressionPulseTime":[0.15,0.2],
"LabelingLocationDescription":"Labeling slab parallel to the imaging volume with a 2cm gap",
"LabelingDistance":10,
"PASLType":"FAIR",
"LabelingSlabThickness":115.5,
"BolusCutOffFlag":true,
"BolusCutOffDelayTime":[0.7,1.6],
"BolusCutOffTechnique":"Q2TIPS"}
